GEM
  remote: http://rubygems.org/
  specs:
    json (1.6.3)
    rake (0.9.2.2)
    rcov (0.9.9)
    rdoc (3.11)
      json (~> 1.4)
    shoulda (2.11.3)

PLATFORMS
  ruby

DEPENDENCIES
  bundler (>= 1.0.0)
  rake
  rcov
  rdoc
  shoulda
